GIT
  remote: git@github.com:sam/redis_directory.git
  revision: ecd2fbc6613bbb0146895f021a86c8de0ea05e1e
  specs:
    redis_directory (1.0.4)
      json
      minitest
      redis

PATH
  remote: lib/mail_builder
  specs:
    mail_builder (0.4)
      mime-types
      uuidtools

GEM
  remote: https://rubygems.org/
  specs:
    addressable (2.2.6)
    ansi (1.4.3)
    bcrypt-ruby (2.1.4)
    bcrypt-ruby (2.1.4-java)
    builder (3.0.0)
    ci_reporter (1.7.0)
      builder (>= 2.1.2)
    columnize (0.9.0)
    data_objects (0.10.6)
      addressable (~> 2.1)
    datamapper (1.1.0)
      dm-aggregates (= 1.1.0)
      dm-constraints (= 1.1.0)
      dm-core (= 1.1.0)
      dm-migrations (= 1.1.0)
      dm-serializer (= 1.1.0)
      dm-timestamps (= 1.1.0)
      dm-transactions (= 1.1.0)
      dm-types (= 1.1.0)
      dm-validations (= 1.1.0)
    dm-aggregates (1.1.0)
      dm-core (~> 1.1.0)
    dm-constraints (1.1.0)
      dm-core (~> 1.1.0)
    dm-core (1.1.0)
      addressable (~> 2.2.4)
    dm-do-adapter (1.1.0)
      data_objects (~> 0.10.2)
      dm-core (~> 1.1.0)
    dm-migrations (1.1.0)
      dm-core (~> 1.1.0)
    dm-serializer (1.1.0)
      dm-core (~> 1.1.0)
      fastercsv (~> 1.5.4)
      json (~> 1.4.6)
    dm-sqlite-adapter (1.1.0)
      dm-do-adapter (~> 1.1.0)
      do_sqlite3 (~> 0.10.2)
    dm-timestamps (1.1.0)
      dm-core (~> 1.1.0)
    dm-transactions (1.1.0)
      dm-core (~> 1.1.0)
    dm-types (1.1.0)
      bcrypt-ruby (~> 2.1.4)
      dm-core (~> 1.1.0)
      fastercsv (~> 1.5.4)
      json (~> 1.4.6)
      stringex (~> 1.2.0)
      uuidtools (~> 2.1.2)
    dm-validations (1.1.0)
      dm-core (~> 1.1.0)
    do_jdbc (0.10.6-java)
      data_objects (= 0.10.6)
    do_sqlite3 (0.10.6)
      data_objects (= 0.10.6)
    do_sqlite3 (0.10.6-java)
      data_objects (= 0.10.6)
      do_jdbc (= 0.10.6)
      jdbc-sqlite3 (>= 3.5.8)
    erubis (2.7.0)
    fastercsv (1.5.4)
    i18n (0.6.0)
    jdbc-sqlite3 (3.6.14.2.056-java)
    json (1.4.6)
    json (1.4.6-java)
    linecache (0.46)
      rbx-require-relative (> 0.0.4)
    little-plugger (1.1.2)
    logging (1.5.0)
      little-plugger (>= 1.1.2)
    macaddr (1.5.0)
      systemu (>= 2.4.0)
    mime-types (1.16)
    minitest (2.11.2)
    rack (1.6.0)
    rack-test (0.6.0)
      rack (>= 1.0)
    rake (0.9.0)
    rbx-require-relative (0.0.9)
    redis (2.2.2)
    ruby-debug (0.10.4)
      columnize (>= 0.1)
      ruby-debug-base (~> 0.10.4.0)
    ruby-debug-base (0.10.4)
      linecache (>= 0.3)
    ruby-debug-base (0.10.4-java)
    stringex (1.2.1)
    systemu (2.4.2)
    testdrive (0.2)
    turn (0.9.6)
      ansi
    uuid (2.3.5)
      macaddr (~> 1.0)
    uuidtools (2.1.2)

PLATFORMS
  java
  ruby

DEPENDENCIES
  builder
  ci_reporter (= 1.7.0)
  datamapper
  dm-migrations
  dm-sqlite-adapter
  do_sqlite3
  erubis
  i18n
  logging
  mail_builder!
  rack
  rack-test
  rake
  redis_directory!
  ruby-debug
  testdrive
  turn
  uuid
